PATH
  remote: .
  specs:
    readme-score-cli (0.1.0)
      readme-score
      thor

GEM
  remote: https://rubygems.org/
  specs:
    addressable (2.3.8)
    aruba (0.14.8)
      childprocess (>= 0.6.3, < 1.1.0)
      contracts (~> 0.9)
      cucumber (>= 1.3.19)
      ffi (~> 1.9)
      rspec-expectations (>= 2.99)
      thor (~> 0.19)
    backports (3.11.4)
    builder (3.2.3)
    childprocess (1.0.1)
      rake (< 13.0)
    contracts (0.16.0)
    cucumber (3.1.2)
      builder (>= 2.1.2)
      cucumber-core (~> 3.2.0)
      cucumber-expressions (~> 6.0.1)
      cucumber-wire (~> 0.0.1)
      diff-lcs (~> 1.3)
      gherkin (~> 5.1.0)
      multi_json (>= 1.7.5, < 2.0)
      multi_test (>= 0.1.2)
    cucumber-core (3.2.1)
      backports (>= 3.8.0)
      cucumber-tag_expressions (~> 1.1.0)
      gherkin (~> 5.0)
    cucumber-expressions (6.0.1)
    cucumber-tag_expressions (1.1.1)
    cucumber-wire (0.0.1)
    diff-lcs (1.3)
    faraday (0.15.4)
      multipart-post (>= 1.2, < 3)
    ffi (1.10.0)
    gherkin (5.1.0)
    json (1.8.6)
    mime-types (1.25.1)
    mini_portile2 (2.4.0)
    multi_json (1.13.1)
    multi_test (0.1.2)
    multipart-post (2.0.0)
    nokogiri (1.10.1)
      mini_portile2 (~> 2.4.0)
    octokit (4.13.0)
      sawyer (~> 0.8.0, >= 0.5.3)
    rake (10.5.0)
    readme-score (0.0.2)
      nokogiri (>= 1.6.0)
      octokit (>= 3.2.0)
      redcarpet (>= 3.1.0)
      unirest (>= 1.1.0)
    redcarpet (3.4.0)
    rest-client (1.6.9)
      mime-types (~> 1.16)
    rspec (3.8.0)
      rspec-core (~> 3.8.0)
      rspec-expectations (~> 3.8.0)
      rspec-mocks (~> 3.8.0)
    rspec-core (3.8.0)
      rspec-support (~> 3.8.0)
    rspec-expectations (3.8.2)
      diff-lcs (>= 1.2.0, < 2.0)
      rspec-support (~> 3.8.0)
    rspec-mocks (3.8.0)
      diff-lcs (>= 1.2.0, < 2.0)
      rspec-support (~> 3.8.0)
    rspec-support (3.8.0)
    sawyer (0.8.1)
      addressable (>= 2.3.5, < 2.6)
      faraday (~> 0.8, < 1.0)
    thor (0.20.3)
    unirest (1.1.2)
      addressable (~> 2.3.5)
      json (~> 1.8.1)
      rest-client (~> 1.6.7)

PLATFORMS
  ruby

DEPENDENCIES
  aruba
  bundler (~> 2.0)
  cucumber (~> 3.1)
  rake (~> 10.0)
  readme-score-cli!
  rspec (~> 3.0)

BUNDLED WITH
   2.0.1
